GEM
  remote: https://rubygems.org/
  specs:
    andand (1.3.3)
    coderay (1.0.9)
    diff-lcs (1.2.1)
    json (1.7.7)
    metaclass (0.0.1)
    method_source (0.8.1)
    mocha (0.13.3)
      metaclass (~> 0.0.1)
    pry (0.9.12)
      coderay (~> 1.0.5)
      method_source (~> 0.8)
      slop (~> 3.4)
    rake (10.0.3)
    rspec (2.13.0)
      rspec-core (~> 2.13.0)
      rspec-expectations (~> 2.13.0)
      rspec-mocks (~> 2.13.0)
    rspec-core (2.13.1)
    rspec-expectations (2.13.0)
      diff-lcs (>= 1.1.3, < 2.0)
    rspec-mocks (2.13.0)
    slop (3.4.4)
    spork (0.9.2)

PLATFORMS
  ruby

DEPENDENCIES
  andand
  json
  mocha
  pry
  rake
  rspec
  spork
